GEM
  remote: https://rubygems.org/
  specs:
    icalendar (2.0.1)
    mini_portile (0.5.3)
    nokogiri (1.6.1)
      mini_portile (~> 0.5.0)

PLATFORMS
  ruby

DEPENDENCIES
  icalendar
  nokogiri (= 1.6.1)
